GEM
  remote: https://rubygems.org/
  specs:
    sqlite3 (1.4.2)

PLATFORMS
  -darwin-21
  x86_64-darwin-19

DEPENDENCIES
  sqlite3

BUNDLED WITH
   2.3.12
